PATH
  remote: .
  specs:
    rcopyfind (0.1.0)

GEM
  remote: https://rubygems.org/
  specs:
    damerau-levenshtein (1.3.1)
    fast-stemmer (1.0.2)
    rake (13.0.1)

PLATFORMS
  ruby

DEPENDENCIES
  bundler (~> 1.16)
  damerau-levenshtein (~> 1.3)
  fast-stemmer (~> 1.0)
  rake (~> 13.0)
  rcopyfind!

BUNDLED WITH
   1.17.3
